GEM
  remote: http://rubygems.org/
  specs:
    jekyll-paginate (1.1.0)
    kramdown (1.9.0)
    posix-spawn (0.3.11)
    pygments.rb (0.6.3)
      posix-spawn (~> 0.3.6)
      yajl-ruby (~> 1.2.0)
    yajl-ruby (1.2.1)

PLATFORMS
  ruby

DEPENDENCIES
  jekyll-paginate
  kramdown
  pygments.rb

BUNDLED WITH
   1.11.2
